GEM
  remote: http://rubygems.org/
  specs:
    crack (0.1.8)
    diff-lcs (1.1.2)
    git (1.2.5)
    httparty (0.7.7)
      crack (= 0.1.8)
    jeweler (1.6.0)
      bundler (~> 1.0.0)
      git (>= 1.2.5)
      rake
    json (1.5.1)
    rake (0.8.7)
    rcov (0.9.9)
    rspec (2.6.0)
      rspec-core (~> 2.6.0)
      rspec-expectations (~> 2.6.0)
      rspec-mocks (~> 2.6.0)
    rspec-core (2.6.0)
    rspec-expectations (2.6.0)
      diff-lcs (~> 1.1.2)
    rspec-mocks (2.6.0)
    xml-simple (1.0.15)

PLATFORMS
  ruby

DEPENDENCIES
  bundler (~> 1.0.0)
  httparty
  jeweler (~> 1.6.0)
  json
  rcov
  rspec
  xml-simple
